GEM
  remote: https://rubygems.org/
  specs:
    colorize (0.7.7)
    nomorebeer (1.1)

PLATFORMS
  ruby

DEPENDENCIES
  colorize
  nomorebeer

BUNDLED WITH
   1.11.2
